PATH
  remote: ..
  specs:
    omniauth-nokia (0.0.1)
      multi_json
      omniauth-oauth (~> 1.1)

PATH
  remote: /Users/danielnelson/work/reference/oauth-ruby
  specs:
    oauth (0.5.4)

GEM
  remote: http://rubygems.org/
  specs:
    binding_of_caller (0.8.0)
      debug_inspector (>= 0.0.1)
    coderay (1.1.1)
    debug_inspector (0.0.3)
    hashie (3.5.7)
    method_source (0.8.2)
    multi_json (1.13.1)
    mustermann (1.0.2)
    omniauth (1.8.1)
      hashie (>= 3.4.6, < 3.6.0)
      rack (>= 1.6.2, < 3)
    omniauth-oauth (1.1.0)
      oauth
      omniauth (~> 1.0)
    pry (0.10.4)
      coderay (~> 1.1.0)
      method_source (~> 0.8.1)
      slop (~> 3.4)
    pry-stack_explorer (0.4.9.2)
      binding_of_caller (>= 0.7)
      pry (>= 0.9.11)
    rack (2.0.4)
    rack-protection (2.0.1)
      rack
    sinatra (2.0.1)
      mustermann (~> 1.0)
      rack (~> 2.0)
      rack-protection (= 2.0.1)
      tilt (~> 2.0)
    slop (3.6.0)
    tilt (2.0.8)

PLATFORMS
  ruby

DEPENDENCIES
  oauth!
  omniauth-nokia!
  pry
  pry-stack_explorer
  sinatra

BUNDLED WITH
   1.16.1
